PATH
  remote: .
  specs:
    uo_cli (0.1.0)

GEM
  remote: https://rubygems.org/
  specs:
    addressable (2.7.0)
      public_suffix (>= 2.0.2, < 5.0)
    ansi (1.5.0)
    ast (2.4.0)
    builder (3.2.3)
    diff-lcs (1.3)
    docile (1.3.2)
    git (1.3.0)
    json (2.2.0)
    json-schema (2.8.1)
      addressable (>= 2.4)
    json_pure (2.2.0)
    minitest (5.4.3)
    minitest-reporters (1.2.0)
      ansi
      builder
      minitest (>= 5.0)
      ruby-progressbar
    openstudio-common-measures (0.1.0)
      openstudio-extension (~> 0.1.3)
      openstudio-standards (~> 0.2.10)
    openstudio-extension (0.1.3)
      bundler (~> 1.9)
      json_pure (= 2.2.0)
      openstudio-workflow (~> 1.3.4)
      openstudio_measure_tester (~> 0.1.7)
      parallel (~> 1.12.0)
    openstudio-model-articulation (0.1.0)
      openstudio-common-measures (~> 0.1.0)
      openstudio-standards (~> 0.2.10)
    openstudio-standards (0.2.10)
    openstudio-workflow (1.3.4)
    openstudio_measure_tester (0.1.7)
      git (= 1.3.0)
      minitest (= 5.4.3)
      minitest-reporters (= 1.2.0)
      rake (= 12.3.1)
      rubocop (= 0.54.0)
      rubocop-checkstyle_formatter (= 0.4)
      simplecov (= 0.16.1)
    parallel (1.12.1)
    parser (2.6.5.0)
      ast (~> 2.4.0)
    powerpack (0.1.2)
    public_suffix (3.1.1)
    rainbow (3.0.0)
    rake (12.3.1)
    rspec (3.9.0)
      rspec-core (~> 3.9.0)
      rspec-expectations (~> 3.9.0)
      rspec-mocks (~> 3.9.0)
    rspec-core (3.9.0)
      rspec-support (~> 3.9.0)
    rspec-expectations (3.9.0)
      diff-lcs (>= 1.2.0, < 2.0)
      rspec-support (~> 3.9.0)
    rspec-mocks (3.9.0)
      diff-lcs (>= 1.2.0, < 2.0)
      rspec-support (~> 3.9.0)
    rspec-support (3.9.0)
    rubocop (0.54.0)
      parallel (~> 1.10)
      parser (>= 2.5)
      powerpack (~> 0.1)
      rainbow (>= 2.2.2, < 4.0)
      ruby-progressbar (~> 1.7)
      unicode-display_width (~> 1.0, >= 1.0.1)
    rubocop-checkstyle_formatter (0.4.0)
      rubocop (>= 0.35.1)
    ruby-progressbar (1.10.1)
    simplecov (0.16.1)
      docile (~> 1.1)
      json (>= 1.8, < 3)
      simplecov-html (~> 0.10.0)
    simplecov-html (0.10.2)
    unicode-display_width (1.6.0)
    urbanopt-core (0.1.0)
      openstudio-extension (~> 0.1.3)
    urbanopt-geojson (0.1.0)
      json-schema
      openstudio-extension (~> 0.1.3)
      public_suffix (= 3.1.1)
      urbanopt-core (~> 0.1.0)
    urbanopt-scenario (0.1.0)
      json-schema
      json_pure
      openstudio-model-articulation (~> 0.1.0)
      public_suffix (= 3.1.1)
      urbanopt-core (~> 0.1.0)

PLATFORMS
  ruby

DEPENDENCIES
  bundler (~> 1.17)
  rake (>= 10.0)
  rspec (~> 3.0)
  uo_cli!
  urbanopt-geojson (~> 0.1.0)
  urbanopt-scenario (~> 0.1.0)

BUNDLED WITH
   1.17.1
